GEM
  remote: https://rubygems.org/
  specs:
    multi_json (1.8.4)
    multipart-post (2.0.0)
    trollop (2.0)
    web_translate_it (2.2.1)
      multi_json
      multipart-post (~> 2.0)
      trollop (~> 2.0)

PLATFORMS
  ruby

DEPENDENCIES
  web_translate_it
